GEM
  remote: http://mirror1.ops.rhcloud.com/mirror/ruby/
  specs:
    rack (1.4.4)
    rack-protection (1.5.5)
      rack
    redis (3.0.7)
    sinatra (1.3.3)
      rack (~> 1.3, >= 1.3.6)
      rack-protection (~> 1.2)
      tilt (~> 1.3, >= 1.3.3)
    tilt (1.3.3)

PLATFORMS
  ruby

DEPENDENCIES
  rack
  redis
  sinatra
